GEM
  remote: http://rubygems.org/
  specs:
    RedCloth (4.2.8)
    albino (1.3.3)
      posix-spawn (>= 0.3.6)
    classifier (1.3.3)
      fast-stemmer (>= 1.0.0)
    daemons (1.1.4)
    directory_watcher (1.4.1)
    eventmachine (1.0.0.beta.4)
    eventmachine (1.0.0.beta.4-x86-mingw32)
    fast-stemmer (1.0.0)
    jekyll (0.11.0)
      albino (>= 1.3.2)
      classifier (>= 1.3.1)
      directory_watcher (>= 1.1.1)
      kramdown (>= 0.13.2)
      liquid (>= 1.9.0)
      maruku (>= 0.5.9)
    jekyll_ext (0.1.4)
    kramdown (0.13.3)
    liquid (2.2.2)
    maruku (0.6.0)
      syntax (>= 1.0.0)
    posix-spawn (0.3.6)
    rack (1.1.0)
    rack-contrib (1.1.0)
      rack (>= 0.9.1)
    rdiscount (1.6.8)
    syntax (1.0.0)
    thin (1.3.1)
      daemons (>= 1.0.9)
      eventmachine (>= 0.12.6)
      rack (>= 1.0.0)

PLATFORMS
  ruby
  x86-mingw32

DEPENDENCIES
  RedCloth
  eventmachine (>= 1.0.0.beta.2)
  jekyll
  jekyll_ext
  liquid (<= 2.2.2)
  rack (= 1.1.0)
  rack-contrib
  rdiscount
  thin
